GEM
  remote: https://rubygems.org/
  specs:
    backports (3.6.4)
    multi_json (1.11.1)
    pg (0.18.2)
    rack (1.6.13)
    rack-protection (1.5.5)
      rack
    rack-test (0.6.3)
      rack (>= 1.0)
    sequel (4.23.0)
    sinatra (1.4.6)
      rack (~> 1.4)
      rack-protection (~> 1.4)
      tilt (>= 1.3, < 3)
    sinatra-contrib (1.4.4)
      backports (>= 2.0)
      multi_json
      rack-protection
      rack-test
      sinatra (~> 1.4.0)
      tilt (>= 1.3, < 3)
    tilt (2.0.1)

PLATFORMS
  ruby

DEPENDENCIES
  pg
  sequel
  sinatra
  sinatra-contrib

BUNDLED WITH
   1.10.4
